PATH
  remote: .
  specs:
    airbrake_user_informer (0.0.0)

GEM
  remote: https://rubygems.org/
  specs:
    bump (0.5.3)
    diff-lcs (1.3)
    rake (12.0.0)
    rspec (3.5.0)
      rspec-core (~> 3.5.0)
      rspec-expectations (~> 3.5.0)
      rspec-mocks (~> 3.5.0)
    rspec-core (3.5.4)
      rspec-support (~> 3.5.0)
    rspec-expectations (3.5.0)
      diff-lcs (>= 1.2.0, < 2.0)
      rspec-support (~> 3.5.0)
    rspec-mocks (3.5.0)
      diff-lcs (>= 1.2.0, < 2.0)
      rspec-support (~> 3.5.0)
    rspec-support (3.5.0)
    single_cov (0.5.9)

PLATFORMS
  ruby

DEPENDENCIES
  airbrake_user_informer!
  bump
  rake
  rspec
  single_cov

BUNDLED WITH
   1.13.6
